GEM
  remote: https://rubygems.org/
  specs:
    nio4r (2.5.8)
    puma (5.6.4)
      nio4r (~> 2.0)
    rack (2.2.3)

PLATFORMS
  arm64-darwin-20

DEPENDENCIES
  puma
  rack

BUNDLED WITH
   2.2.15
